PATH
  remote: .
  specs:
    tpm-key_attestation (0.13.1)
      bindata (~> 2.4)
      openssl (> 2.0)
      openssl-signature_algorithm (~> 1.0)

GEM
  remote: https://rubygems.org/
  specs:
    appraisal (2.5.0)
      bundler
      rake
      thor (>= 0.14.0)
    ast (2.4.2)
    bindata (2.5.0)
    byebug (11.1.3)
    diff-lcs (1.5.1)
    jaro_winkler (1.5.6)
    openssl (3.2.0)
    openssl-signature_algorithm (1.3.0)
      openssl (> 2.0)
    parallel (1.26.3)
    parser (3.3.6.0)
      ast (~> 2.4.1)
      racc
    racc (1.8.1)
    rainbow (3.1.1)
    rake (13.2.1)
    rexml (3.3.9)
    rspec (3.13.0)
      rspec-core (~> 3.13.0)
      rspec-expectations (~> 3.13.0)
      rspec-mocks (~> 3.13.0)
    rspec-core (3.13.2)
      rspec-support (~> 3.13.0)
    rspec-expectations (3.13.3)
      diff-lcs (>= 1.2.0, < 2.0)
      rspec-support (~> 3.13.0)
    rspec-mocks (3.13.2)
      diff-lcs (>= 1.2.0, < 2.0)
      rspec-support (~> 3.13.0)
    rspec-support (3.13.2)
    rubocop (0.80.1)
      jaro_winkler (~> 1.5.1)
      parallel (~> 1.10)
      parser (>= 2.7.0.1)
      rainbow (>= 2.2.2, < 4.0)
      rexml
      ruby-progressbar (~> 1.7)
      unicode-display_width (>= 1.4.0, < 1.7)
    ruby-progressbar (1.13.0)
    thor (1.3.2)
    unicode-display_width (1.6.1)

PLATFORMS
  ruby

DEPENDENCIES
  appraisal (~> 2.5.0)
  byebug (~> 11.0)
  rake (~> 13.0)
  rspec (~> 3.0)
  rubocop (~> 0.80.1)
  tpm-key_attestation!

BUNDLED WITH
   2.5.23
